GEM
  remote: https://rubygems.org/
  specs:
    actioncable (6.1.7.7)
      actionpack (= 6.1.7.7)
      activesupport (= 6.1.7.7)
      nio4r (~> 2.0)
      websocket-driver (>= 0.6.1)
    actionmailbox (6.1.7.7)
      actionpack (= 6.1.7.7)
      activejob (= 6.1.7.7)
      activerecord (= 6.1.7.7)
      activestorage (= 6.1.7.7)
      activesupport (= 6.1.7.7)
      mail (>= 2.7.1)
    actionmailer (6.1.7.7)
      actionpack (= 6.1.7.7)
      actionview (= 6.1.7.7)
      activejob (= 6.1.7.7)
      activesupport (= 6.1.7.7)
      mail (~> 2.5, >= 2.5.4)
      rails-dom-testing (~> 2.0)
    actionpack (6.1.7.7)
      actionview (= 6.1.7.7)
      activesupport (= 6.1.7.7)
      rack (~> 2.0, >= 2.0.9)
      rack-test (>= 0.6.3)
      rails-dom-testing (~> 2.0)
      rails-html-sanitizer (~> 1.0, >= 1.2.0)
    actiontext (6.1.7.7)
      actionpack (= 6.1.7.7)
      activerecord (= 6.1.7.7)
      activestorage (= 6.1.7.7)
      activesupport (= 6.1.7.7)
      nokogiri (>= 1.8.5)
    actionview (6.1.7.7)
      activesupport (= 6.1.7.7)
      builder (~> 3.1)
      erubi (~> 1.4)
      rails-dom-testing (~> 2.0)
      rails-html-sanitizer (~> 1.1, >= 1.2.0)
    activejob (6.1.7.7)
      activesupport (= 6.1.7.7)
      globalid (>= 0.3.6)
    activemodel (6.1.7.7)
      activesupport (= 6.1.7.7)
    activerecord (6.1.7.7)
      activemodel (= 6.1.7.7)
      activesupport (= 6.1.7.7)
    activestorage (6.1.7.7)
      actionpack (= 6.1.7.7)
      activejob (= 6.1.7.7)
      activerecord (= 6.1.7.7)
      activesupport (= 6.1.7.7)
      marcel (~> 1.0)
      mini_mime (>= 1.1.0)
    activesupport (6.1.7.7)
      concurrent-ruby (~> 1.0, >= 1.0.2)
      i18n (>= 1.6, < 2)
      minitest (>= 5.1)
      tzinfo (~> 2.0)
      zeitwerk (~> 2.3)
    addressable (2.8.6)
      public_suffix (>= 2.0.2, < 6.0)
    ast (2.4.2)
    base64 (0.2.0)
    bigdecimal (3.1.8)
    builder (3.2.4)
    concurrent-ruby (1.2.3)
    connection_pool (2.4.1)
    crack (1.0.0)
      bigdecimal
      rexml
    crass (1.0.6)
    date (3.3.4)
    domain_name (0.6.20240107)
    erubi (1.12.0)
    ffi (1.16.3)
    ffi-compiler (1.3.2)
      ffi (>= 1.15.5)
      rake
    figaro (1.2.0)
      thor (>= 0.14.0, < 2)
    globalid (1.2.1)
      activesupport (>= 6.1)
    hashdiff (1.1.0)
    http (5.2.0)
      addressable (~> 2.8)
      base64 (~> 0.1)
      http-cookie (~> 1.0)
      http-form_data (~> 2.2)
      llhttp-ffi (~> 0.5.0)
    http-cookie (1.0.5)
      domain_name (~> 0.5)
    http-form_data (2.3.0)
    i18n (1.14.5)
      concurrent-ruby (~> 1.0)
    json (2.7.2)
    language_server-protocol (3.17.0.3)
    listen (3.9.0)
      rb-fsevent (~> 0.10, >= 0.10.3)
      rb-inotify (~> 0.9, >= 0.9.10)
    llhttp-ffi (0.5.0)
      ffi-compiler (~> 1.0)
      rake (~> 13.0)
    loofah (2.22.0)
      crass (~> 1.0.2)
      nokogiri (>= 1.12.0)
    mail (2.8.1)
      mini_mime (>= 0.1.1)
      net-imap
      net-pop
      net-smtp
    marcel (1.0.4)
    method_source (1.1.0)
    mini_mime (1.1.5)
    minitest (5.23.0)
    minitest-rg (5.3.0)
      minitest (~> 5.0)
    net-imap (0.4.11)
      date
      net-protocol
    net-pop (0.1.2)
      net-protocol
    net-protocol (0.2.2)
      timeout
    net-smtp (0.5.0)
      net-protocol
    nio4r (2.7.3)
    nokogiri (1.16.5-arm64-darwin)
      racc (~> 1.4)
    nokogiri (1.16.5-x86_64-linux)
      racc (~> 1.4)
    parallel (1.24.0)
    parser (3.3.1.0)
      ast (~> 2.4.1)
      racc
    public_suffix (5.0.5)
    puma (6.4.2)
      nio4r (~> 2.0)
    racc (1.7.3)
    rack (2.2.9)
    rack-session (1.0.2)
      rack (< 3)
    rack-ssl-enforcer (0.2.9)
    rack-test (2.1.0)
      rack (>= 1.3)
    rails (6.1.7.7)
      actioncable (= 6.1.7.7)
      actionmailbox (= 6.1.7.7)
      actionmailer (= 6.1.7.7)
      actionpack (= 6.1.7.7)
      actiontext (= 6.1.7.7)
      actionview (= 6.1.7.7)
      activejob (= 6.1.7.7)
      activemodel (= 6.1.7.7)
      activerecord (= 6.1.7.7)
      activestorage (= 6.1.7.7)
      activesupport (= 6.1.7.7)
      bundler (>= 1.15.0)
      railties (= 6.1.7.7)
      sprockets-rails (>= 2.0.0)
    rails-dom-testing (2.2.0)
      activesupport (>= 5.0.0)
      minitest
      nokogiri (>= 1.6)
    rails-html-sanitizer (1.6.0)
      loofah (~> 2.21)
      nokogiri (~> 1.14)
    railties (6.1.7.7)
      actionpack (= 6.1.7.7)
      activesupport (= 6.1.7.7)
      method_source
      rake (>= 12.2)
      thor (~> 1.0)
    rainbow (3.1.1)
    rake (13.2.1)
    rb-fsevent (0.11.2)
    rb-inotify (0.10.1)
      ffi (~> 1.0)
    rbnacl (7.1.1)
      ffi
    redis (5.2.0)
      redis-client (>= 0.22.0)
    redis-client (0.22.1)
      connection_pool
    redis-rack (3.0.0)
      rack-session (>= 0.2.0)
      redis-store (>= 1.2, < 2)
    redis-store (1.10.0)
      redis (>= 4, < 6)
    regexp_parser (2.9.0)
    rerun (0.14.0)
      listen (~> 3.0)
    rexml (3.2.6)
    roda (3.79.0)
      rack
    rubocop (1.63.5)
      json (~> 2.3)
      language_server-protocol (>= 3.17.0)
      parallel (~> 1.10)
      parser (>= 3.3.0.2)
      rainbow (>= 2.2.2, < 4.0)
      regexp_parser (>= 1.8, < 3.0)
      rexml (>= 3.2.5, < 4.0)
      rubocop-ast (>= 1.31.1, < 2.0)
      ruby-progressbar (~> 1.7)
      unicode-display_width (>= 2.4.0, < 3.0)
    rubocop-ast (1.31.3)
      parser (>= 3.3.1.0)
    rubocop-performance (1.21.0)
      rubocop (>= 1.48.1, < 2.0)
      rubocop-ast (>= 1.31.1, < 2.0)
    ruby-progressbar (1.13.0)
    slim (5.2.1)
      temple (~> 0.10.0)
      tilt (>= 2.1.0)
    slim-rails (3.6.3)
      actionpack (>= 3.1)
      railties (>= 3.1)
      slim (>= 3.0, < 6.0, != 5.0.0)
    sprockets (4.2.1)
      concurrent-ruby (~> 1.0)
      rack (>= 2.2.4, < 4)
    sprockets-rails (3.4.2)
      actionpack (>= 5.2)
      activesupport (>= 5.2)
      sprockets (>= 3.0.0)
    tailwindcss-rails (2.5.0-arm64-darwin)
      railties (>= 6.0.0)
    tailwindcss-rails (2.5.0-x86_64-linux)
      railties (>= 6.0.0)
    temple (0.10.3)
    thor (1.3.1)
    tilt (2.3.0)
    timeout (0.4.1)
    tzinfo (2.0.6)
      concurrent-ruby (~> 1.0)
    unicode-display_width (2.5.0)
    webmock (3.23.0)
      addressable (>= 2.8.0)
      crack (>= 0.3.2)
      hashdiff (>= 0.4.0, < 2.0.0)
    websocket-driver (0.7.6)
      websocket-extensions (>= 0.1.0)
    websocket-extensions (0.1.5)
    zeitwerk (2.6.15)

PLATFORMS
  arm64-darwin-21
  arm64-darwin-22
  arm64-darwin-23
  x86_64-linux

DEPENDENCIES
  base64
  figaro
  http
  minitest
  minitest-rg
  puma
  rack-session
  rack-ssl-enforcer
  rack-test
  rails (~> 6.1.4)
  rake
  rbnacl
  redis
  redis-rack
  redis-store
  rerun
  roda
  rubocop
  rubocop-performance
  slim
  slim-rails
  tailwindcss-rails
  webmock

BUNDLED WITH
   2.5.9
